GEM
  remote: https://rubygems.org/
  specs:
    ast (2.4.0)
    coderay (1.1.1)
    diff-lcs (1.3)
    jaro_winkler (1.5.1)
    method_source (0.9.2)
    mustermann (1.0.3)
    parallel (1.12.1)
    parser (2.5.3.0)
      ast (~> 2.4.0)
    powerpack (0.1.2)
    pry (0.12.2)
      coderay (~> 1.1.0)
      method_source (~> 0.9.0)
    rack (2.0.6)
    rack-protection (2.0.0)
      rack
    rack-test (0.7.0)
      rack (>= 1.0, < 3)
    rainbow (3.0.0)
    rspec (3.6.0)
      rspec-core (~> 3.6.0)
      rspec-expectations (~> 3.6.0)
      rspec-mocks (~> 3.6.0)
    rspec-core (3.6.0)
      rspec-support (~> 3.6.0)
    rspec-expectations (3.6.0)
      diff-lcs (>= 1.2.0, < 2.0)
      rspec-support (~> 3.6.0)
    rspec-mocks (3.6.0)
      diff-lcs (>= 1.2.0, < 2.0)
      rspec-support (~> 3.6.0)
    rspec-support (3.6.0)
    rubocop (0.61.1)
      jaro_winkler (~> 1.5.1)
      parallel (~> 1.10)
      parser (>= 2.5, != 2.5.1.1)
      powerpack (~> 0.1)
      rainbow (>= 2.2.2, < 4.0)
      ruby-progressbar (~> 1.7)
      unicode-display_width (~> 1.4.0)
    ruby-progressbar (1.10.0)
    sequel (4.48.0)
    sinatra (2.0.0)
      mustermann (~> 1.0)
      rack (~> 2.0)
      rack-protection (= 2.0.0)
      tilt (~> 2.0)
    sqlite3 (1.3.13)
    tilt (2.0.9)
    unicode-display_width (1.4.0)

PLATFORMS
  ruby

DEPENDENCIES
  coderay (= 1.1.1)
  pry
  rack-test (= 0.7.0)
  rspec (= 3.6.0)
  rubocop
  sequel (= 4.48.0)
  sinatra (= 2.0.0)
  sqlite3 (= 1.3.13)

BUNDLED WITH
   1.17.1
